PATH
  remote: .
  specs:
    sockjs (0.3.4.3)
      faye-websocket (~> 0.11.3)
      json
      racc
      rack
      rack-mount (~> 0.8.3)
      sorted_set
      thin

GEM
  remote: https://rubygems.org/
  specs:
    base64 (0.2.0)
    daemons (1.4.1)
    diff-lcs (1.5.1)
    eventmachine (1.2.7)
    faye-websocket (0.11.3)
      eventmachine (>= 0.12.0)
      websocket-driver (>= 0.5.1)
    json (2.9.1)
    macaddr (1.7.2)
      systemu (~> 2.6.5)
    racc (1.8.1)
    rack (2.2.10)
    rack-mount (0.8.3)
      rack (>= 1.0.0)
    rack-test (2.2.0)
      rack (>= 1.3)
    rake (13.2.1)
    rbtree (0.4.6)
    rspec (3.13.0)
      rspec-core (~> 3.13.0)
      rspec-expectations (~> 3.13.0)
      rspec-mocks (~> 3.13.0)
    rspec-core (3.13.2)
      rspec-support (~> 3.13.0)
    rspec-expectations (3.13.3)
      diff-lcs (>= 1.2.0, < 2.0)
      rspec-support (~> 3.13.0)
    rspec-mocks (3.13.2)
      diff-lcs (>= 1.2.0, < 2.0)
      rspec-support (~> 3.13.0)
    rspec-support (3.13.2)
    set (1.1.1)
    sorted_set (1.0.3)
      rbtree
      set (~> 1.0)
    systemu (2.6.5)
    thin (1.8.2)
      daemons (~> 1.0, >= 1.0.9)
      eventmachine (~> 1.0, >= 1.0.4)
      rack (>= 1, < 3)
    uuid (2.3.9)
      macaddr (~> 1.0)
    websocket-driver (0.7.7)
      base64
      websocket-extensions (>= 0.1.0)
    websocket-extensions (0.1.5)

PLATFORMS
  arm64-darwin-21
  arm64-darwin-22
  arm64-darwin-24

DEPENDENCIES
  faye-websocket
  rack
  rack-test
  rake
  rspec
  sockjs!
  thin (>= 1.8.2)
  uuid

BUNDLED WITH
   2.6.3
